GEM
  remote: https://rubygems.org/
  specs:
    chronic (0.10.2)
    dotenv (2.1.1)
    faraday (0.9.2)
      multipart-post (>= 1.2, < 3)
    multipart-post (2.0.0)
    slack-notifier (1.5.1)
    whenever (0.9.7)
      chronic (>= 0.6.3)

PLATFORMS
  ruby

DEPENDENCIES
  dotenv
  faraday
  slack-notifier
  whenever

BUNDLED WITH
   1.12.5
